GEM
  remote: https://rubygems.org/
  specs:
    backports (3.3.2)
    daemons (1.1.9)
    dotenv (0.8.0)
    eventmachine (1.0.3)
    extensions (0.6.0)
    foreman (0.63.0)
      dotenv (>= 0.7)
      thor (>= 0.13.6)
    git (1.2.5)
    hpricot (0.8.6)
    json (1.7.7)
    mono_logger (1.1.0)
    multi_json (1.7.7)
    rack (1.5.2)
    rack-protection (1.5.0)
      rack
    rack-test (0.6.2)
      rack (>= 1.0)
    rake (10.1.0)
    redis (3.0.4)
    redis-namespace (1.3.0)
      redis (~> 3.0.0)
    resque (1.24.1)
      mono_logger (~> 1.0)
      multi_json (~> 1.0)
      redis-namespace (~> 1.2)
      sinatra (>= 0.9.2)
      vegas (~> 0.1.2)
    rubyzip (0.9.9)
    sinatra (1.4.3)
      rack (~> 1.4)
      rack-protection (~> 1.4)
      tilt (~> 1.3, >= 1.3.4)
    sinatra-contrib (1.4.0)
      backports (>= 2.0)
      eventmachine
      rack-protection
      rack-test
      sinatra (~> 1.4.2)
      tilt (~> 1.3)
    sinatra-redis (0.3.0)
      redis
      sinatra (>= 0.9.4)
    systemu (2.5.2)
    thin (1.5.1)
      daemons (>= 1.0.9)
      eventmachine (>= 0.12.6)
      rack (>= 1.0.0)
    thor (0.18.1)
    tilt (1.4.1)
    vegas (0.1.11)
      rack (>= 1.0.0)

PLATFORMS
  ruby

DEPENDENCIES
  extensions
  foreman
  git
  hpricot
  json (~> 1.7.7)
  multi_json
  rack
  rake
  resque (~> 1.24.1)
  rubyzip
  sinatra
  sinatra-contrib
  sinatra-redis
  systemu
  thin
